PATH
  remote: .
  specs:
    dor-services (4.4.14)
      active-fedora (~> 5.7.1)
      activesupport (~> 3.2.16)
      confstruct (~> 0.2.2)
      dor-workflow-service (~> 1.4.0)
      druid-tools (~> 0.3.0)
      equivalent-xml (~> 0.2.2)
      json (~> 1.8.1)
      lyber-utils (~> 0.1.2)
      moab-versioning (= 1.3.1)
      net-sftp (~> 2.1.2)
      net-ssh (~> 2.7.0)
      nokogiri (= 1.6.0)
      om (~> 1.8.0)
      progressbar (~> 0.21.0)
      rdf (~> 1.0.9.0)
      rest-client (~> 1.6.7)
      rsolr-ext (~> 1.0.3)
      ruby-cache (~> 0.3.0)
      ruby-graphviz (~> 1.0.9)
      rubydora (~> 1.6.5)
      solrizer (~> 2.0)
      stanford-mods (~> 0.0.14)
      systemu (~> 2.6.0)
      uuidtools (~> 2.1.4)
      validatable (~> 1.6.7)

GEM
  remote: https://rubygems.org/
  remote: http://sul-gems.stanford.edu/
  specs:
    active-fedora (5.7.1)
      activeresource (>= 3.0.0)
      activesupport (>= 3.0.0)
      builder (~> 3.0.0)
      deprecation
      mediashelf-loggable
      nom-xml (>= 0.5.1)
      om (~> 1.8.0)
      rdf
      rdf-rdfxml (~> 0.3.8)
      rsolr
      rubydora (~> 1.6)
      solrizer (~> 2.1)
    activemodel (3.2.16)
      activesupport (= 3.2.16)
      builder (~> 3.0.0)
    activeresource (3.2.16)
      activemodel (= 3.2.16)
      activesupport (= 3.2.16)
    activesupport (3.2.16)
      i18n (~> 0.6, >= 0.6.4)
      multi_json (~> 1.0)
    addressable (2.3.5)
    awesome_print (1.2.0)
    bagit (0.3.2)
      docopt (~> 0.5.0)
      validatable (~> 1.6)
    builder (3.0.4)
    coderay (1.1.0)
    columnize (0.3.6)
    confstruct (0.2.5)
    daemons (1.1.9)
    debugger (1.6.3)
      columnize (>= 0.3.1)
      debugger-linecache (~> 1.2.0)
      debugger-ruby_core_source (~> 1.2.4)
    debugger-linecache (1.2.0)
    debugger-ruby_core_source (1.2.4)
    deprecation (0.0.5)
      activesupport
    diff-lcs (1.2.5)
    docile (1.1.2)
    docopt (0.5.0)
    dor-workflow-service (1.4.1)
      activesupport
      confstruct
      nokogiri
      rest-client
    druid-tools (0.3.0)
    equivalent-xml (0.2.9)
      nokogiri (>= 1.4.3)
    fakeweb (1.3.0)
    fastercsv (1.5.5)
    haml (4.0.5)
      tilt
    happymapper (0.4.1)
      libxml-ruby (~> 2.0)
    hashery (2.1.1)
    hooks (0.3.3)
    i18n (0.6.9)
    iso-639 (0.2.4)
    jhove-service (1.0.3)
      nokogiri (>= 1.4.3.1)
    json (1.8.1)
    libxml-ruby (2.7.0)
    linecache (0.46)
      rbx-require-relative (> 0.0.4)
    lyber-utils (0.1.2)
      bagit (>= 0.1.0)
      nokogiri (>= 1.4.3.1)
      systemu (>= 1.2.0)
      validatable
    mediashelf-loggable (0.4.9)
    method_source (0.8.2)
    mime-types (2.1)
    mini_portile (0.5.2)
    moab-versioning (1.3.1)
      confstruct
      happymapper
      hashery (>= 2.0.0)
      json
      nokogiri
      systemu
    mods (0.0.22)
      iso-639
      nokogiri
      nom-xml
    multi_json (1.8.4)
    net-sftp (2.1.2)
      net-ssh (>= 2.6.5)
    net-ssh (2.7.0)
    nokogiri (1.6.0)
      mini_portile (~> 0.5.0)
    nom-xml (0.5.1)
      activesupport
      i18n
      nokogiri
    om (1.8.0)
      activemodel
      activesupport
      deprecation
      mediashelf-loggable
      nokogiri (>= 1.4.2)
    progressbar (0.21.0)
    pry (0.9.12.4)
      coderay (~> 1.0)
      method_source (~> 0.8)
      slop (~> 3.4)
    pry-debugger (0.2.2)
      debugger (~> 1.3)
      pry (~> 0.9.10)
    rake (0.8.7)
    rbx-require-relative (0.0.9)
    rcov (1.0.0)
    rdf (1.0.9)
      addressable (>= 2.3)
    rdf-rdfxml (0.3.9)
      rdf (>= 0.3.11)
      rdf-xsd (>= 0.3.8)
    rdf-xsd (1.0.2.1)
      nokogiri (>= 1.5.0)
      rdf (>= 0.3.4)
    rdoc (4.0.1)
      json (~> 1.4)
    rest-client (1.6.7)
      mime-types (>= 1.16)
    rsolr (1.0.9)
      builder (>= 2.1.2)
    rsolr-ext (1.0.3)
      rsolr (>= 1.0.2)
    rspec (2.14.1)
      rspec-core (~> 2.14.0)
      rspec-expectations (~> 2.14.0)
      rspec-mocks (~> 2.14.0)
    rspec-core (2.14.7)
    rspec-expectations (2.14.4)
      diff-lcs (>= 1.1.3, < 2.0)
    rspec-mocks (2.14.4)
    ruby-cache (0.3.0)
    ruby-debug (0.10.4)
      columnize (>= 0.1)
      ruby-debug-base (~> 0.10.4.0)
    ruby-debug-base (0.10.4)
      linecache (>= 0.3)
    ruby-graphviz (1.0.9)
    rubydora (1.6.5)
      activemodel
      activesupport
      deprecation
      equivalent-xml
      fastercsv
      hooks (~> 0.3.0)
      mime-types
      nokogiri
      rest-client
    simplecov (0.8.2)
      docile (~> 1.1.0)
      multi_json
      simplecov-html (~> 0.8.0)
    simplecov-html (0.8.0)
    slop (3.4.7)
    solrizer (2.2.0)
      activesupport
      daemons
      mediashelf-loggable (~> 0.4.7)
      nokogiri
      om (>= 1.5.0)
      stomp
      xml-simple
    stanford-mods (0.0.22)
      mods
    stomp (1.3.2)
    systemu (2.6.0)
    tilt (2.0.0)
    uuidtools (2.1.4)
    validatable (1.6.7)
    xml-simple (1.1.3)
    yard (0.8.7.3)

PLATFORMS
  ruby

DEPENDENCIES
  awesome_print
  debugger (= 1.6.3)
  dor-services!
  fakeweb (~> 1.3.0)
  haml (~> 4.0.4)
  jhove-service (~> 1.0.1)
  pry
  pry-debugger (= 0.2.2)
  rake (~> 0.8.7)
  rcov
  rdoc (~> 4.0.1)
  rspec (~> 2.14.1)
  ruby-debug
  simplecov
  yard (~> 0.8.7)
